PATH
  remote: .
  specs:
    tinyirc (0.1.2)
      particlecmd (~> 0.1)
      particlelog (~> 0.1)
      sinatra (~> 2.0)
      sqlite3 (~> 1.3)
      thin (~> 1.7)

GEM
  remote: https://rubygems.org/
  specs:
    daemons (1.3.1)
    eventmachine (1.2.7)
    mustermann (1.0.3)
    particlecmd (0.1.5)
    particlelog (0.1.1)
    rack (2.0.6)
    rack-protection (2.0.5)
      rack
    rake (12.3.2)
    sinatra (2.0.5)
      mustermann (~> 1.0)
      rack (~> 2.0)
      rack-protection (= 2.0.5)
      tilt (~> 2.0)
    sqlite3 (1.3.13)
    thin (1.7.2)
      daemons (~> 1.0, >= 1.0.9)
      eventmachine (~> 1.0, >= 1.0.4)
      rack (>= 1, < 3)
    tilt (2.0.9)

PLATFORMS
  ruby

DEPENDENCIES
  bundler (~> 1.16)
  rake (~> 12.3)
  tinyirc!

BUNDLED WITH
   1.17.1
