PATH
  remote: .
  specs:
    tinyirc (0.1.0)
      particlecmd (~> 0.1)
      particlelog (~> 0.1)
      sinatra (~> 2.0)
      sqlite3 (~> 1.3)
      thin (~> 1.2)

GEM
  remote: https://rubygems.org/
  specs:
    daemons (1.2.6)
    eventmachine (1.2.5)
    mustermann (1.0.2)
    particlecmd (0.1.4)
    particlelog (0.1.1)
    rack (2.0.4)
    rack-protection (2.0.1)
      rack
    rake (10.5.0)
    sinatra (2.0.1)
      mustermann (~> 1.0)
      rack (~> 2.0)
      rack-protection (= 2.0.1)
      tilt (~> 2.0)
    sqlite3 (1.3.13)
    thin (1.7.2)
      daemons (~> 1.0, >= 1.0.9)
      eventmachine (~> 1.0, >= 1.0.4)
      rack (>= 1, < 3)
    tilt (2.0.8)

PLATFORMS
  ruby

DEPENDENCIES
  bundler (~> 1.16)
  rake (~> 10.0)
  tinyirc!

BUNDLED WITH
   1.16.1
